GEM
  remote: https://rubygems.org/
  specs:
    aws-sdk (1.67.0)
      aws-sdk-v1 (= 1.67.0)
    aws-sdk-v1 (1.67.0)
      json (~> 1.4)
      nokogiri (~> 1)
    coderay (1.1.2)
    docile (1.2.0)
    domain_name (0.5.20170404)
      unf (>= 0.0.5, < 1.0.0)
    erubis (2.7.0)
    faraday (0.13.1)
      multipart-post (>= 1.2, < 3)
    faraday_middleware (0.12.2)
      faraday (>= 0.7.4, < 1.0)
    gli (2.17.1)
    gooddata (0.6.27)
      aws-sdk (~> 1.45)
      docile (~> 1.1, >= 1.1.5)
      erubis (~> 2.7, >= 2.7.0)
      gli (~> 2.13, >= 2.13.2)
      highline (~> 1.7, >= 1.7.3)
      json_pure (~> 1.8, >= 1.8.2)
      multi_json (~> 1.11, >= 1.11.2)
      parseconfig (~> 1.0, >= 1.0.6)
      pmap (~> 1.0, >= 1.0.2)
      pry (~> 0.10, >= 0.10.3)
      rest-client (~> 1.8, >= 1.8.0)
      restforce (~> 2.1, >= 2.1.1)
      rubyzip (~> 1.1, >= 1.1.7)
      salesforce_bulk_query (~> 0.2, >= 0.2.0)
      terminal-table (~> 1.5, >= 1.5.2)
      thread_safe
    gooddata-dss-jdbc (0.1.12)
    hashie (3.5.7)
    highline (1.7.10)
    http-cookie (1.0.3)
      domain_name (~> 0.5)
    json (1.8.6)
    json_pure (1.8.6)
    method_source (0.9.0)
    mime-types (2.99.3)
    mini_portile2 (2.3.0)
    multi_json (1.13.1)
    multipart-post (2.0.0)
    netrc (0.11.0)
    nokogiri (1.8.1)
      mini_portile2 (~> 2.3.0)
    parseconfig (1.0.8)
    pmap (1.1.1)
    pry (0.11.3)
      coderay (~> 1.1.0)
      method_source (~> 0.9.0)
    rest-client (1.8.0)
      http-cookie (>= 1.0.2, < 2.0)
      mime-types (>= 1.16, < 3.0)
      netrc (~> 0.7)
    restforce (2.5.3)
      faraday (>= 0.9.0, <= 1.0)
      faraday_middleware (>= 0.8.8, <= 1.0)
      hashie (>= 1.2.0, < 4.0)
      json (>= 1.7.5)
    rubyzip (1.2.1)
    salesforce_bulk_query (0.2.0)
      json (~> 1.8)
      xml-simple (~> 1.1)
    sequel (5.4.0)
    terminal-table (1.8.0)
      unicode-display_width (~> 1.1, >= 1.1.1)
    thread_safe (0.3.6)
    unf (0.1.4)
      unf_ext
    unf_ext (0.0.7.4)
    unicode-display_width (1.3.0)
    xml-simple (1.1.5)

PLATFORMS
  ruby

DEPENDENCIES
  ffi (= 1.9.3)
  gooddata (= 0.6.27)
  gooddata-dss-jdbc (= 0.1.12)
  json
  sequel

BUNDLED WITH
   1.16.1
